GEM
  remote: http://rubygems.org/
  specs:
    adsf (1.1.1)
      rack (>= 1.0.0)
    chunky_png (1.2.5)
    coffee-script (2.2.0)
      coffee-script-source
      execjs
    coffee-script-source (1.3.1)
    compass (0.12.1)
      chunky_png (~> 1.2)
      fssm (>= 0.2.7)
      sass (~> 3.1)
    cri (2.2.1)
    execjs (1.3.1)
      multi_json (~> 1.0)
    fssm (0.2.9)
    kramdown (0.13.5)
    mime-types (1.18)
    multi_json (1.3.4)
    nanoc (3.3.6)
      cri (~> 2.2)
    rack (1.4.1)
    rmagick (2.13.1)
    sass (3.1.16)

PLATFORMS
  ruby

DEPENDENCIES
  adsf
  coffee-script
  compass
  kramdown
  mime-types
  nanoc
  rmagick
  sass
